NUGET
  remote: https://www.nuget.org/api/v2
    MonoGame.Framework.Android (3.5.1.1679)
    MonoGame.Framework.DesktopGL (3.5.1.1679)
    MonoGame.Framework.WindowsDX (3.5.1.1679)
    NUnit (3.4.1)
    OptimizedPriorityQueue (3.0)
