NUGET
  remote: https://www.nuget.org/api/v2
    Eto.Forms (2.3)
    Eto.Platform.Gtk (2.3)
      Eto.Forms (2.3)
    Eto.Platform.Gtk3 (2.3)
      Eto.Forms (2.3)
    Eto.Platform.Wpf (2.3)
      Eto.Forms (2.3)
    Eto.Serialization.Xaml (2.3)
      Eto.Forms (2.3)
      Portable.Xaml (>= 0.14)
    FAKE (4.61.2)
    log4net (2.0.5)
    MonoGame.Framework.Android (3.5.1.1679)
    MonoGame.Framework.Content.Pipeline.Portable (3.2.99.1-Beta)
      MonoGame.Framework.Portable (>= 3.2.99.1-Beta)
    MonoGame.Framework.DesktopGL (3.5.1.1679)
    MonoGame.Framework.Portable (3.2.99.1-Beta)
    NUnit (3.4.1)
    NUnit.ConsoleRunner (3.5)
    NUnit.Extension.NUnitProjectLoader (3.5)
    NUnit.Extension.NUnitV2Driver (3.5)
    NUnit.Extension.NUnitV2ResultWriter (3.5)
    NUnit.Extension.TeamCityEventListener (1.0.2)
    NUnit.Extension.VSProjectLoader (3.5)
    NUnit.Runners (3.5)
      NUnit.ConsoleRunner (>= 3.5)
      NUnit.Extension.NUnitProjectLoader (>= 3.5)
      NUnit.Extension.NUnitV2Driver (>= 3.5)
      NUnit.Extension.NUnitV2ResultWriter (>= 3.5)
      NUnit.Extension.TeamCityEventListener (>= 1.0.2)
      NUnit.Extension.VSProjectLoader (>= 3.5)
    NUnit3TestAdapter (3.7)
    OptimizedPriorityQueue (4.1.1)
    Portable.Xaml (0.14)
    StyleCop.Analyzers (1.0)
