STORAGE: NONE
RESTRICTION: || (== netcoreapp3.0) (== netstandard2.0)
NUGET
  remote: https://api.nuget.org/v3/index.json
    AssimpNet (4.1) - copy_local: true
      NETStandard.Library (>= 1.6.1)
    Castle.Core (4.4)
      NETStandard.Library (>= 1.6.1)
      System.Collections.Specialized (>= 4.3)
      System.ComponentModel (>= 4.3)
      System.ComponentModel.TypeConverter (>= 4.3)
      System.Diagnostics.TraceSource (>= 4.3)
      System.Dynamic.Runtime (>= 4.3)
      System.Reflection (>= 4.3)
      System.Reflection.Emit (>= 4.3)
      System.Reflection.TypeExtensions (>= 4.3)
      System.Xml.XmlDocument (>= 4.3)
    Microsoft.Bcl.AsyncInterfaces (5.0) - restriction: || (&& (== netcoreapp3.0) (>= net461)) (&& (== netcoreapp3.0) (< netstandard2.1)) (== netstandard2.0)
      System.Threading.Tasks.Extensions (>= 4.5.4) - restriction: || (&& (== netcoreapp3.0) (>= net461)) (&& (== netcoreapp3.0) (< netcoreapp2.1) (< netstandard2.1)) (== netstandard2.0)
    Microsoft.CodeCoverage (16.6.1) - restriction: || (== netcoreapp3.0) (&& (== netstandard2.0) (>= net45)) (&& (== netstandard2.0) (>= netcoreapp2.1))
    Microsoft.DotNet.InternalAbstractions (1.0) - restriction: || (== netcoreapp3.0) (&& (== netstandard2.0) (>= netcoreapp2.1))
      System.AppContext (>= 4.1)
      System.Collections (>= 4.0.11)
      System.IO (>= 4.1)
      System.IO.FileSystem (>= 4.0.1)
      System.Reflection.TypeExtensions (>= 4.1)
      System.Runtime.Extensions (>= 4.1)
      System.Runtime.InteropServices (>= 4.1)
      System.Runtime.InteropServices.RuntimeInformation (>= 4.0)
    Microsoft.Extensions.Configuration (5.0)
      Microsoft.Extensions.Configuration.Abstractions (>= 5.0)
      Microsoft.Extensions.Primitives (>= 5.0)
    Microsoft.Extensions.Configuration.Abstractions (5.0)
      Microsoft.Extensions.Primitives (>= 5.0)
    Microsoft.Extensions.Configuration.Binder (5.0)
      Microsoft.Extensions.Configuration.Abstractions (>= 5.0)
    Microsoft.Extensions.Configuration.CommandLine (5.0)
      Microsoft.Extensions.Configuration (>= 5.0)
      Microsoft.Extensions.Configuration.Abstractions (>= 5.0)
    Microsoft.Extensions.Configuration.EnvironmentVariables (5.0)
      Microsoft.Extensions.Configuration (>= 5.0)
      Microsoft.Extensions.Configuration.Abstractions (>= 5.0)
    Microsoft.Extensions.Configuration.FileExtensions (5.0)
      Microsoft.Extensions.Configuration (>= 5.0)
      Microsoft.Extensions.Configuration.Abstractions (>= 5.0)
      Microsoft.Extensions.FileProviders.Abstractions (>= 5.0)
      Microsoft.Extensions.FileProviders.Physical (>= 5.0)
      Microsoft.Extensions.Primitives (>= 5.0)
    Microsoft.Extensions.Configuration.Json (5.0)
      Microsoft.Extensions.Configuration (>= 5.0)
      Microsoft.Extensions.Configuration.Abstractions (>= 5.0)
      Microsoft.Extensions.Configuration.FileExtensions (>= 5.0)
      Microsoft.Extensions.FileProviders.Abstractions (>= 5.0)
      System.Text.Json (>= 5.0)
    Microsoft.Extensions.Configuration.UserSecrets (5.0)
      Microsoft.Extensions.Configuration.Abstractions (>= 5.0)
      Microsoft.Extensions.Configuration.Json (>= 5.0)
      Microsoft.Extensions.FileProviders.Abstractions (>= 5.0)
      Microsoft.Extensions.FileProviders.Physical (>= 5.0)
    Microsoft.Extensions.DependencyInjection (5.0)
      Microsoft.Bcl.AsyncInterfaces (>= 5.0) - restriction: || (&& (== netcoreapp3.0) (>= net461)) (&& (== netcoreapp3.0) (< netstandard2.1)) (== netstandard2.0)
      Microsoft.Extensions.DependencyInjection.Abstractions (>= 5.0)
      System.Threading.Tasks.Extensions (>= 4.5.4) - restriction: || (&& (== netcoreapp3.0) (>= net461)) (&& (== netcoreapp3.0) (< netcoreapp2.1) (< netstandard2.1)) (== netstandard2.0)
    Microsoft.Extensions.DependencyInjection.Abstractions (5.0)
    Microsoft.Extensions.FileProviders.Abstractions (5.0)
      Microsoft.Extensions.Primitives (>= 5.0)
    Microsoft.Extensions.FileProviders.Physical (5.0)
      Microsoft.Extensions.FileProviders.Abstractions (>= 5.0)
      Microsoft.Extensions.FileSystemGlobbing (>= 5.0)
      Microsoft.Extensions.Primitives (>= 5.0)
    Microsoft.Extensions.FileSystemGlobbing (5.0)
    Microsoft.Extensions.Hosting (5.0)
      Microsoft.Bcl.AsyncInterfaces (>= 5.0) - restriction: || (&& (== netcoreapp3.0) (>= net461)) (&& (== netcoreapp3.0) (< netstandard2.1)) (== netstandard2.0)
      Microsoft.Extensions.Configuration (>= 5.0)
      Microsoft.Extensions.Configuration.Abstractions (>= 5.0)
      Microsoft.Extensions.Configuration.Binder (>= 5.0)
      Microsoft.Extensions.Configuration.CommandLine (>= 5.0)
      Microsoft.Extensions.Configuration.EnvironmentVariables (>= 5.0)
      Microsoft.Extensions.Configuration.FileExtensions (>= 5.0)
      Microsoft.Extensions.Configuration.Json (>= 5.0)
      Microsoft.Extensions.Configuration.UserSecrets (>= 5.0)
      Microsoft.Extensions.DependencyInjection (>= 5.0)
      Microsoft.Extensions.DependencyInjection.Abstractions (>= 5.0)
      Microsoft.Extensions.FileProviders.Abstractions (>= 5.0)
      Microsoft.Extensions.FileProviders.Physical (>= 5.0)
      Microsoft.Extensions.Hosting.Abstractions (>= 5.0)
      Microsoft.Extensions.Logging (>= 5.0)
      Microsoft.Extensions.Logging.Abstractions (>= 5.0)
      Microsoft.Extensions.Logging.Configuration (>= 5.0)
      Microsoft.Extensions.Logging.Console (>= 5.0)
      Microsoft.Extensions.Logging.Debug (>= 5.0)
      Microsoft.Extensions.Logging.EventLog (>= 5.0)
      Microsoft.Extensions.Logging.EventSource (>= 5.0)
      Microsoft.Extensions.Options (>= 5.0)
      System.Threading.Tasks.Extensions (>= 4.5.4) - restriction: || (&& (== netcoreapp3.0) (>= net461)) (&& (== netcoreapp3.0) (< netcoreapp2.1) (< netstandard2.1)) (== netstandard2.0)
    Microsoft.Extensions.Hosting.Abstractions (5.0)
      Microsoft.Bcl.AsyncInterfaces (>= 5.0) - restriction: || (&& (== netcoreapp3.0) (>= net461)) (&& (== netcoreapp3.0) (< netstandard2.1)) (== netstandard2.0)
      Microsoft.Extensions.Configuration.Abstractions (>= 5.0)
      Microsoft.Extensions.DependencyInjection.Abstractions (>= 5.0)
      Microsoft.Extensions.FileProviders.Abstractions (>= 5.0)
      System.Threading.Tasks.Extensions (>= 4.5.4) - restriction: || (&& (== netcoreapp3.0) (>= net461)) (&& (== netcoreapp3.0) (< netcoreapp2.1) (< netstandard2.1)) (== netstandard2.0)
    Microsoft.Extensions.Logging (5.0)
      Microsoft.Extensions.DependencyInjection (>= 5.0)
      Microsoft.Extensions.DependencyInjection.Abstractions (>= 5.0)
      Microsoft.Extensions.Logging.Abstractions (>= 5.0)
      Microsoft.Extensions.Options (>= 5.0)
      System.Diagnostics.DiagnosticSource (>= 5.0)
    Microsoft.Extensions.Logging.Abstractions (5.0)
    Microsoft.Extensions.Logging.Configuration (5.0)
      Microsoft.Extensions.Configuration (>= 5.0)
      Microsoft.Extensions.Configuration.Abstractions (>= 5.0)
      Microsoft.Extensions.Configuration.Binder (>= 5.0)
      Microsoft.Extensions.DependencyInjection.Abstractions (>= 5.0)
      Microsoft.Extensions.Logging (>= 5.0)
      Microsoft.Extensions.Logging.Abstractions (>= 5.0)
      Microsoft.Extensions.Options (>= 5.0)
      Microsoft.Extensions.Options.ConfigurationExtensions (>= 5.0)
    Microsoft.Extensions.Logging.Console (5.0)
      Microsoft.Extensions.Configuration.Abstractions (>= 5.0)
      Microsoft.Extensions.DependencyInjection.Abstractions (>= 5.0)
      Microsoft.Extensions.Logging (>= 5.0)
      Microsoft.Extensions.Logging.Abstractions (>= 5.0)
      Microsoft.Extensions.Logging.Configuration (>= 5.0)
      Microsoft.Extensions.Options (>= 5.0)
      Microsoft.Extensions.Options.ConfigurationExtensions (>= 5.0)
      System.Buffers (>= 4.5.1) - restriction: || (&& (== netcoreapp3.0) (>= monoandroid) (< netstandard2.0)) (&& (== netcoreapp3.0) (>= monotouch)) (&& (== netcoreapp3.0) (>= net461)) (&& (== netcoreapp3.0) (< netcoreapp2.0)) (&& (== netcoreapp3.0) (>= xamarinios)) (&& (== netcoreapp3.0) (>= xamarinmac)) (&& (== netcoreapp3.0) (>= xamarintvos)) (&& (== netcoreapp3.0) (>= xamarinwatchos)) (== netstandard2.0)
      System.Memory (>= 4.5.4) - restriction: || (&& (== netcoreapp3.0) (>= net461)) (&& (== netcoreapp3.0) (< netcoreapp2.0)) (&& (== netcoreapp3.0) (< netcoreapp2.1)) (&& (== netcoreapp3.0) (>= uap10.1)) (== netstandard2.0)
      System.Text.Json (>= 5.0)
    Microsoft.Extensions.Logging.Debug (5.0)
      Microsoft.Extensions.DependencyInjection.Abstractions (>= 5.0)
      Microsoft.Extensions.Logging (>= 5.0)
      Microsoft.Extensions.Logging.Abstractions (>= 5.0)
    Microsoft.Extensions.Logging.EventLog (5.0)
      Microsoft.Extensions.DependencyInjection.Abstractions (>= 5.0)
      Microsoft.Extensions.Logging (>= 5.0)
      Microsoft.Extensions.Logging.Abstractions (>= 5.0)
      Microsoft.Extensions.Options (>= 5.0)
      System.Diagnostics.EventLog (>= 5.0)
    Microsoft.Extensions.Logging.EventSource (5.0)
      Microsoft.Extensions.DependencyInjection.Abstractions (>= 5.0)
      Microsoft.Extensions.Logging (>= 5.0)
      Microsoft.Extensions.Logging.Abstractions (>= 5.0)
      Microsoft.Extensions.Options (>= 5.0)
      Microsoft.Extensions.Primitives (>= 5.0)
      System.Runtime.CompilerServices.Unsafe (>= 5.0) - restriction: || (&& (== netcoreapp3.0) (>= net461)) (== netstandard2.0)
      System.Text.Json (>= 5.0) - restriction: || (&& (== netcoreapp3.0) (>= net461)) (== netstandard2.0)
    Microsoft.Extensions.Options (5.0)
      Microsoft.Extensions.DependencyInjection.Abstractions (>= 5.0)
      Microsoft.Extensions.Primitives (>= 5.0)
    Microsoft.Extensions.Options.ConfigurationExtensions (5.0)
      Microsoft.Extensions.Configuration.Abstractions (>= 5.0)
      Microsoft.Extensions.Configuration.Binder (>= 5.0)
      Microsoft.Extensions.DependencyInjection.Abstractions (>= 5.0)
      Microsoft.Extensions.Options (>= 5.0)
      Microsoft.Extensions.Primitives (>= 5.0)
    Microsoft.Extensions.Primitives (5.0)
      System.Buffers (>= 4.5.1) - restriction: || (&& (== netcoreapp3.0) (>= monoandroid) (< netstandard2.0)) (&& (== netcoreapp3.0) (>= monotouch)) (&& (== netcoreapp3.0) (>= net461)) (&& (== netcoreapp3.0) (< netcoreapp2.0)) (&& (== netcoreapp3.0) (>= xamarinios)) (&& (== netcoreapp3.0) (>= xamarinmac)) (&& (== netcoreapp3.0) (>= xamarintvos)) (&& (== netcoreapp3.0) (>= xamarinwatchos)) (== netstandard2.0)
      System.Memory (>= 4.5.4) - restriction: || (&& (== netcoreapp3.0) (>= net461)) (&& (== netcoreapp3.0) (< netcoreapp2.0)) (&& (== netcoreapp3.0) (< netcoreapp2.1)) (&& (== netcoreapp3.0) (>= uap10.1)) (== netstandard2.0)
      System.Runtime.CompilerServices.Unsafe (>= 5.0) - restriction: || (&& (== netcoreapp3.0) (>= monoandroid) (< netstandard2.0)) (&& (== netcoreapp3.0) (>= monotouch)) (&& (== netcoreapp3.0) (>= net461)) (&& (== netcoreapp3.0) (< netcoreapp2.0)) (&& (== netcoreapp3.0) (< netcoreapp2.1)) (&& (== netcoreapp3.0) (>= uap10.1)) (&& (== netcoreapp3.0) (>= xamarinios)) (&& (== netcoreapp3.0) (>= xamarinmac)) (&& (== netcoreapp3.0) (>= xamarintvos)) (&& (== netcoreapp3.0) (>= xamarinwatchos)) (== netstandard2.0)
    Microsoft.NET.Test.Sdk (16.6.1)
      Microsoft.CodeCoverage (>= 16.6.1) - restriction: || (== netcoreapp3.0) (&& (== netstandard2.0) (>= net45)) (&& (== netstandard2.0) (>= netcoreapp2.1))
      Microsoft.TestPlatform.TestHost (>= 16.6.1) - restriction: || (== netcoreapp3.0) (&& (== netstandard2.0) (>= netcoreapp2.1))
    Microsoft.NETCore.Platforms (5.0.1)
    Microsoft.NETCore.Targets (3.0) - restriction: || (== netcoreapp3.0) (&& (== netstandard2.0) (>= netcoreapp2.1))
    Microsoft.TestPlatform.ObjectModel (16.6.1) - restriction: || (== netcoreapp3.0) (&& (== netstandard2.0) (>= netcoreapp2.1))
      NuGet.Frameworks (>= 5.0)
    Microsoft.TestPlatform.TestHost (16.6.1) - restriction: || (== netcoreapp3.0) (&& (== netstandard2.0) (>= netcoreapp2.1))
      Microsoft.TestPlatform.ObjectModel (>= 16.6.1) - restriction: || (== netcoreapp3.0) (&& (== netstandard2.0) (>= netcoreapp2.1)) (&& (== netstandard2.0) (>= uap10.0))
      Newtonsoft.Json (>= 9.0.1) - restriction: || (== netcoreapp3.0) (&& (== netstandard2.0) (>= netcoreapp2.1)) (&& (== netstandard2.0) (>= uap10.0))
    Microsoft.Win32.Primitives (4.3) - restriction: || (== netcoreapp3.0) (&& (== netstandard2.0) (>= netcoreapp2.1))
      Microsoft.NETCore.Platforms (>= 1.1)
      Microsoft.NETCore.Targets (>= 1.1)
      System.Runtime (>= 4.3)
    Microsoft.Win32.Registry (5.0)
      System.Security.AccessControl (>= 5.0)
      System.Security.Principal.Windows (>= 5.0)
    MonoGame.Content.Builder.Task (3.8.0.1641)
    MonoGame.Framework.Content.Pipeline (3.8.0.1641) - copy_local: true
      AssimpNet (>= 4.1)
      Microsoft.Win32.Registry (>= 4.5)
    MonoGame.Framework.DesktopGL (3.8.0.1641)
    NETStandard.Library (2.0.3)
      Microsoft.NETCore.Platforms (>= 1.1)
    Newtonsoft.Json (12.0.3)
    NLog (4.7.14)
    NLog.Extensions.Logging (1.7.4)
      Microsoft.Extensions.Logging (>= 2.1) - restriction: || (&& (== netcoreapp3.0) (>= net461)) (== netstandard2.0)
      Microsoft.Extensions.Logging (>= 3.0) - restriction: || (== netcoreapp3.0) (&& (== netstandard2.0) (>= netcoreapp3.0))
      NLog (>= 4.7.11)
    NSubstitute (4.2.2)
      Castle.Core (>= 4.4)
      System.Threading.Tasks.Extensions (>= 4.3)
    NSubstitute.Analyzers.CSharp (1.0.13)
    NuGet.Frameworks (5.3.1) - restriction: || (== netcoreapp3.0) (&& (== netstandard2.0) (>= netcoreapp2.1))
    NUnit (3.12)
      NETStandard.Library (>= 2.0)
    NUnit.Console (3.11.1)
      NUnit.ConsoleRunner (>= 3.11.1)
      NUnit.Extension.NUnitProjectLoader (>= 3.6)
      NUnit.Extension.NUnitV2Driver (>= 3.8)
      NUnit.Extension.NUnitV2ResultWriter (>= 3.6)
      NUnit.Extension.TeamCityEventListener (>= 1.0.7)
      NUnit.Extension.VSProjectLoader (>= 3.8)
    NUnit.ConsoleRunner (3.11.1)
    NUnit.Extension.NUnitProjectLoader (3.6)
    NUnit.Extension.NUnitV2Driver (3.8)
    NUnit.Extension.NUnitV2ResultWriter (3.6)
    NUnit.Extension.TeamCityEventListener (1.0.7)
    NUnit.Extension.VSProjectLoader (3.8)
    NUnit.Runners (3.11.1)
      NUnit.Console (>= 3.11.1)
    NUnit3TestAdapter (3.16.1)
      Microsoft.DotNet.InternalAbstractions (>= 1.0) - restriction: || (== netcoreapp3.0) (&& (== netstandard2.0) (>= netcoreapp2.1))
      System.ComponentModel.EventBasedAsync (>= 4.3) - restriction: || (== netcoreapp3.0) (&& (== netstandard2.0) (>= netcoreapp2.1))
      System.ComponentModel.TypeConverter (>= 4.3) - restriction: || (== netcoreapp3.0) (&& (== netstandard2.0) (>= netcoreapp2.1))
      System.Diagnostics.Process (>= 4.3) - restriction: || (== netcoreapp3.0) (&& (== netstandard2.0) (>= netcoreapp2.1))
      System.Reflection (>= 4.3) - restriction: || (== netcoreapp3.0) (&& (== netstandard2.0) (>= netcoreapp2.1))
      System.Runtime.InteropServices.RuntimeInformation (>= 4.3) - restriction: || (== netcoreapp3.0) (&& (== netstandard2.0) (>= netcoreapp2.1))
      System.Threading.Thread (>= 4.3) - restriction: || (== netcoreapp3.0) (&& (== netstandard2.0) (>= netcoreapp2.1))
      System.Xml.XmlDocument (>= 4.3) - restriction: || (== netcoreapp3.0) (&& (== netstandard2.0) (>= netcoreapp2.1))
      System.Xml.XPath.XmlDocument (>= 4.3) - restriction: || (== netcoreapp3.0) (&& (== netstandard2.0) (>= netcoreapp2.1))
    OptimizedPriorityQueue (4.2)
    runtime.native.System (4.3.1)
      Microsoft.NETCore.Platforms (>= 1.1.1)
      Microsoft.NETCore.Targets (>= 1.1.3)
    SixLabors.ImageSharp (1.0.1)
      System.Buffers (>= 4.5.1)
      System.Memory (>= 4.5.3)
      System.Numerics.Vectors (>= 4.5)
    StyleCop.Analyzers (1.1.118)
    System.AppContext (4.3) - restriction: || (== netcoreapp3.0) (&& (== netstandard2.0) (>= netcoreapp2.1))
      System.Runtime (>= 4.3)
    System.Buffers (4.5.1)
    System.Collections (4.3)
      Microsoft.NETCore.Platforms (>= 1.1)
      Microsoft.NETCore.Targets (>= 1.1)
      System.Runtime (>= 4.3)
    System.Collections.NonGeneric (4.3)
      System.Diagnostics.Debug (>= 4.3)
      System.Globalization (>= 4.3)
      System.Resources.ResourceManager (>= 4.3)
      System.Runtime (>= 4.3)
      System.Runtime.Extensions (>= 4.3)
      System.Threading (>= 4.3)
    System.Collections.Specialized (4.3)
      System.Collections.NonGeneric (>= 4.3)
      System.Globalization (>= 4.3)
      System.Globalization.Extensions (>= 4.3)
      System.Resources.ResourceManager (>= 4.3)
      System.Runtime (>= 4.3)
      System.Runtime.Extensions (>= 4.3)
      System.Threading (>= 4.3)
    System.ComponentModel (4.3)
      System.Runtime (>= 4.3)
    System.ComponentModel.EventBasedAsync (4.3) - restriction: || (== netcoreapp3.0) (&& (== netstandard2.0) (>= netcoreapp2.1))
      System.Resources.ResourceManager (>= 4.3)
      System.Runtime (>= 4.3)
      System.Threading (>= 4.3)
      System.Threading.Tasks (>= 4.3)
    System.ComponentModel.Primitives (4.3) - restriction: || (== netcoreapp3.0) (&& (== netstandard2.0) (>= netcoreapp2.1))
      System.ComponentModel (>= 4.3)
      System.Resources.ResourceManager (>= 4.3)
      System.Runtime (>= 4.3)
    System.ComponentModel.TypeConverter (4.3)
      System.Collections (>= 4.3)
      System.Collections.NonGeneric (>= 4.3)
      System.Collections.Specialized (>= 4.3)
      System.ComponentModel (>= 4.3)
      System.ComponentModel.Primitives (>= 4.3)
      System.Globalization (>= 4.3)
      System.Linq (>= 4.3)
      System.Reflection (>= 4.3)
      System.Reflection.Extensions (>= 4.3)
      System.Reflection.Primitives (>= 4.3)
      System.Reflection.TypeExtensions (>= 4.3)
      System.Resources.ResourceManager (>= 4.3)
      System.Runtime (>= 4.3)
      System.Runtime.Extensions (>= 4.3)
      System.Threading (>= 4.3)
    System.Diagnostics.Debug (4.3)
      Microsoft.NETCore.Platforms (>= 1.1)
      Microsoft.NETCore.Targets (>= 1.1)
      System.Runtime (>= 4.3)
    System.Diagnostics.DiagnosticSource (5.0)
      System.Memory (>= 4.5.4) - restriction: || (&& (== netcoreapp3.0) (>= net45) (< netstandard1.3)) (&& (== netcoreapp3.0) (>= net46)) (&& (== netcoreapp3.0) (< netcoreapp2.1)) (&& (== netcoreapp3.0) (< netstandard2.0)) (&& (== netcoreapp3.0) (>= uap10.1)) (== netstandard2.0)
      System.Runtime.CompilerServices.Unsafe (>= 5.0) - restriction: || (&& (== netcoreapp3.0) (>= monotouch)) (&& (== netcoreapp3.0) (>= net45) (< netstandard1.3)) (&& (== netcoreapp3.0) (>= net46)) (&& (== netcoreapp3.0) (< netcoreapp2.1)) (&& (== netcoreapp3.0) (< netstandard2.0)) (&& (== netcoreapp3.0) (>= uap10.1)) (&& (== netcoreapp3.0) (>= xamarinios)) (&& (== netcoreapp3.0) (>= xamarinmac)) (&& (== netcoreapp3.0) (>= xamarintvos)) (&& (== netcoreapp3.0) (>= xamarinwatchos)) (== netstandard2.0)
    System.Diagnostics.EventLog (5.0.1)
      Microsoft.NETCore.Platforms (>= 5.0.1) - restriction: || (== netcoreapp3.0) (&& (== netstandard2.0) (>= netcoreapp2.0))
      Microsoft.Win32.Registry (>= 5.0) - restriction: || (== netcoreapp3.0) (&& (== netstandard2.0) (>= netcoreapp2.0))
      System.Security.Principal.Windows (>= 5.0)
    System.Diagnostics.Process (4.3) - restriction: || (== netcoreapp3.0) (&& (== netstandard2.0) (>= netcoreapp2.1))
      Microsoft.NETCore.Platforms (>= 1.1)
      Microsoft.Win32.Primitives (>= 4.3)
      Microsoft.Win32.Registry (>= 4.3)
      runtime.native.System (>= 4.3)
      System.Collections (>= 4.3)
      System.Diagnostics.Debug (>= 4.3)
      System.Globalization (>= 4.3)
      System.IO (>= 4.3)
      System.IO.FileSystem (>= 4.3)
      System.IO.FileSystem.Primitives (>= 4.3)
      System.Resources.ResourceManager (>= 4.3)
      System.Runtime (>= 4.3)
      System.Runtime.Extensions (>= 4.3)
      System.Runtime.Handles (>= 4.3)
      System.Runtime.InteropServices (>= 4.3)
      System.Text.Encoding (>= 4.3)
      System.Text.Encoding.Extensions (>= 4.3)
      System.Threading (>= 4.3)
      System.Threading.Tasks (>= 4.3)
      System.Threading.Thread (>= 4.3)
      System.Threading.ThreadPool (>= 4.3)
    System.Diagnostics.TraceSource (4.3)
      Microsoft.NETCore.Platforms (>= 1.1)
      runtime.native.System (>= 4.3)
      System.Collections (>= 4.3)
      System.Diagnostics.Debug (>= 4.3)
      System.Globalization (>= 4.3)
      System.Resources.ResourceManager (>= 4.3)
      System.Runtime (>= 4.3)
      System.Runtime.Extensions (>= 4.3)
      System.Threading (>= 4.3)
    System.Dynamic.Runtime (4.3)
      System.Collections (>= 4.3)
      System.Diagnostics.Debug (>= 4.3)
      System.Linq (>= 4.3)
      System.Linq.Expressions (>= 4.3)
      System.ObjectModel (>= 4.3)
      System.Reflection (>= 4.3)
      System.Reflection.Emit (>= 4.3)
      System.Reflection.Emit.ILGeneration (>= 4.3)
      System.Reflection.Primitives (>= 4.3)
      System.Reflection.TypeExtensions (>= 4.3)
      System.Resources.ResourceManager (>= 4.3)
      System.Runtime (>= 4.3)
      System.Runtime.Extensions (>= 4.3)
      System.Threading (>= 4.3)
    System.Globalization (4.3)
      Microsoft.NETCore.Platforms (>= 1.1)
      Microsoft.NETCore.Targets (>= 1.1)
      System.Runtime (>= 4.3)
    System.Globalization.Extensions (4.3)
      Microsoft.NETCore.Platforms (>= 1.1)
      System.Globalization (>= 4.3)
      System.Resources.ResourceManager (>= 4.3)
      System.Runtime (>= 4.3)
      System.Runtime.Extensions (>= 4.3)
      System.Runtime.InteropServices (>= 4.3)
    System.IO (4.3)
      Microsoft.NETCore.Platforms (>= 1.1)
      Microsoft.NETCore.Targets (>= 1.1)
      System.Runtime (>= 4.3)
      System.Text.Encoding (>= 4.3)
      System.Threading.Tasks (>= 4.3)
    System.IO.FileSystem (4.3) - restriction: || (== netcoreapp3.0) (&& (== netstandard2.0) (>= netcoreapp2.1))
      Microsoft.NETCore.Platforms (>= 1.1)
      Microsoft.NETCore.Targets (>= 1.1)
      System.IO (>= 4.3)
      System.IO.FileSystem.Primitives (>= 4.3)
      System.Runtime (>= 4.3)
      System.Runtime.Handles (>= 4.3)
      System.Text.Encoding (>= 4.3)
      System.Threading.Tasks (>= 4.3)
    System.IO.FileSystem.Primitives (4.3) - restriction: || (== netcoreapp3.0) (&& (== netstandard2.0) (>= netcoreapp2.1))
      System.Runtime (>= 4.3)
    System.Linq (4.3)
      System.Collections (>= 4.3)
      System.Diagnostics.Debug (>= 4.3)
      System.Resources.ResourceManager (>= 4.3)
      System.Runtime (>= 4.3)
      System.Runtime.Extensions (>= 4.3)
    System.Linq.Expressions (4.3)
      System.Collections (>= 4.3)
      System.Diagnostics.Debug (>= 4.3)
      System.Globalization (>= 4.3)
      System.IO (>= 4.3)
      System.Linq (>= 4.3)
      System.ObjectModel (>= 4.3)
      System.Reflection (>= 4.3)
      System.Reflection.Emit (>= 4.3)
      System.Reflection.Emit.ILGeneration (>= 4.3)
      System.Reflection.Emit.Lightweight (>= 4.3)
      System.Reflection.Extensions (>= 4.3)
      System.Reflection.Primitives (>= 4.3)
      System.Reflection.TypeExtensions (>= 4.3)
      System.Resources.ResourceManager (>= 4.3)
      System.Runtime (>= 4.3)
      System.Runtime.Extensions (>= 4.3)
      System.Threading (>= 4.3)
    System.Memory (4.5.4)
      System.Buffers (>= 4.5.1) - restriction: || (&& (== netcoreapp3.0) (>= monotouch)) (&& (== netcoreapp3.0) (>= net461)) (&& (== netcoreapp3.0) (< netcoreapp2.0)) (&& (== netcoreapp3.0) (< netstandard1.1)) (&& (== netcoreapp3.0) (< netstandard2.0)) (&& (== netcoreapp3.0) (>= xamarinios)) (&& (== netcoreapp3.0) (>= xamarinmac)) (&& (== netcoreapp3.0) (>= xamarintvos)) (&& (== netcoreapp3.0) (>= xamarinwatchos)) (== netstandard2.0)
      System.Numerics.Vectors (>= 4.4) - restriction: || (&& (== netcoreapp3.0) (< netcoreapp2.0)) (== netstandard2.0)
      System.Runtime.CompilerServices.Unsafe (>= 4.5.3) - restriction: || (&& (== netcoreapp3.0) (>= monotouch)) (&& (== netcoreapp3.0) (>= net461)) (&& (== netcoreapp3.0) (< netcoreapp2.0)) (&& (== netcoreapp3.0) (< netcoreapp2.1)) (&& (== netcoreapp3.0) (< netstandard1.1)) (&& (== netcoreapp3.0) (< netstandard2.0)) (&& (== netcoreapp3.0) (>= uap10.1)) (&& (== netcoreapp3.0) (>= xamarinios)) (&& (== netcoreapp3.0) (>= xamarinmac)) (&& (== netcoreapp3.0) (>= xamarintvos)) (&& (== netcoreapp3.0) (>= xamarinwatchos)) (== netstandard2.0)
    System.Numerics.Vectors (4.5)
    System.ObjectModel (4.3)
      System.Collections (>= 4.3)
      System.Diagnostics.Debug (>= 4.3)
      System.Resources.ResourceManager (>= 4.3)
      System.Runtime (>= 4.3)
      System.Threading (>= 4.3)
    System.Reflection (4.3)
      Microsoft.NETCore.Platforms (>= 1.1)
      Microsoft.NETCore.Targets (>= 1.1)
      System.IO (>= 4.3)
      System.Reflection.Primitives (>= 4.3)
      System.Runtime (>= 4.3)
    System.Reflection.Emit (4.6)
      System.Reflection.Emit.ILGeneration (>= 4.6) - restriction: || (&& (== netcoreapp3.0) (< netcoreapp2.0) (< netstandard2.1)) (&& (== netcoreapp3.0) (< netstandard1.1)) (&& (== netcoreapp3.0) (< netstandard2.0)) (&& (== netcoreapp3.0) (>= uap10.1)) (== netstandard2.0)
    System.Reflection.Emit.ILGeneration (4.6)
    System.Reflection.Emit.Lightweight (4.6)
      System.Reflection.Emit.ILGeneration (>= 4.6) - restriction: || (&& (== netcoreapp3.0) (< netcoreapp2.0) (< netstandard2.1)) (&& (== netcoreapp3.0) (< netstandard2.0)) (&& (== netcoreapp3.0) (< portable-net45+wp8)) (&& (== netcoreapp3.0) (>= uap10.1)) (== netstandard2.0)
    System.Reflection.Extensions (4.3)
      Microsoft.NETCore.Platforms (>= 1.1)
      Microsoft.NETCore.Targets (>= 1.1)
      System.Reflection (>= 4.3)
      System.Runtime (>= 4.3)
    System.Reflection.Primitives (4.3)
      Microsoft.NETCore.Platforms (>= 1.1)
      Microsoft.NETCore.Targets (>= 1.1)
      System.Runtime (>= 4.3)
    System.Reflection.TypeExtensions (4.6)
    System.Resources.ResourceManager (4.3)
      Microsoft.NETCore.Platforms (>= 1.1)
      Microsoft.NETCore.Targets (>= 1.1)
      System.Globalization (>= 4.3)
      System.Reflection (>= 4.3)
      System.Runtime (>= 4.3)
    System.Runtime (4.3.1)
      Microsoft.NETCore.Platforms (>= 1.1.1)
      Microsoft.NETCore.Targets (>= 1.1.3)
    System.Runtime.CompilerServices.Unsafe (5.0) - restriction: || (&& (== netcoreapp3.0) (>= net461)) (== netstandard2.0)
    System.Runtime.Extensions (4.3.1)
      Microsoft.NETCore.Platforms (>= 1.1.1)
      Microsoft.NETCore.Targets (>= 1.1.3)
      System.Runtime (>= 4.3.1)
    System.Runtime.Handles (4.3) - restriction: || (== netcoreapp3.0) (&& (== netstandard2.0) (>= netcoreapp2.1))
      Microsoft.NETCore.Platforms (>= 1.1)
      Microsoft.NETCore.Targets (>= 1.1)
      System.Runtime (>= 4.3)
    System.Runtime.InteropServices (4.3)
      Microsoft.NETCore.Platforms (>= 1.1)
      Microsoft.NETCore.Targets (>= 1.1)
      System.Reflection (>= 4.3)
      System.Reflection.Primitives (>= 4.3)
      System.Runtime (>= 4.3)
      System.Runtime.Handles (>= 4.3)
    System.Runtime.InteropServices.RuntimeInformation (4.3) - restriction: || (== netcoreapp3.0) (&& (== netstandard2.0) (>= netcoreapp2.1))
      runtime.native.System (>= 4.3)
      System.Reflection (>= 4.3)
      System.Reflection.Extensions (>= 4.3)
      System.Resources.ResourceManager (>= 4.3)
      System.Runtime (>= 4.3)
      System.Runtime.InteropServices (>= 4.3)
      System.Threading (>= 4.3)
    System.Security.AccessControl (5.0) - restriction: || (== netcoreapp3.0) (&& (== netstandard2.0) (>= netcoreapp2.0))
      Microsoft.NETCore.Platforms (>= 5.0) - restriction: || (== netcoreapp3.0) (&& (== netstandard2.0) (>= netcoreapp2.0))
      System.Security.Principal.Windows (>= 5.0)
    System.Security.Principal.Windows (5.0)
    System.Text.Encoding (4.3) - restriction: || (== netcoreapp3.0) (&& (== netstandard2.0) (>= netcoreapp2.1))
      Microsoft.NETCore.Platforms (>= 1.1)
      Microsoft.NETCore.Targets (>= 1.1)
      System.Runtime (>= 4.3)
    System.Text.Encoding.Extensions (4.3) - restriction: || (== netcoreapp3.0) (&& (== netstandard2.0) (>= netcoreapp2.1))
      Microsoft.NETCore.Platforms (>= 1.1)
      Microsoft.NETCore.Targets (>= 1.1)
      System.Runtime (>= 4.3)
      System.Text.Encoding (>= 4.3)
    System.Text.Encodings.Web (5.0) - restriction: || (&& (== netcoreapp3.0) (>= monoandroid) (< netstandard2.0)) (&& (== netcoreapp3.0) (>= monotouch)) (&& (== netcoreapp3.0) (>= net461)) (&& (== netcoreapp3.0) (< netcoreapp2.0)) (&& (== netcoreapp3.0) (< netcoreapp2.1)) (&& (== netcoreapp3.0) (>= uap10.1)) (&& (== netcoreapp3.0) (>= xamarinios)) (&& (== netcoreapp3.0) (>= xamarinmac)) (&& (== netcoreapp3.0) (>= xamarintvos)) (&& (== netcoreapp3.0) (>= xamarinwatchos)) (== netstandard2.0)
      System.Memory (>= 4.5.4) - restriction: || (&& (== netcoreapp3.0) (>= net461)) (&& (== netcoreapp3.0) (< netcoreapp2.1) (< netstandard2.1)) (&& (== netcoreapp3.0) (>= uap10.1)) (== netstandard2.0)
    System.Text.Json (5.0)
      Microsoft.Bcl.AsyncInterfaces (>= 5.0) - restriction: || (&& (== netcoreapp3.0) (>= monoandroid) (< netstandard2.0)) (&& (== netcoreapp3.0) (>= monotouch)) (&& (== netcoreapp3.0) (>= net461)) (&& (== netcoreapp3.0) (< netcoreapp2.0)) (&& (== netcoreapp3.0) (< netcoreapp2.1)) (&& (== netcoreapp3.0) (>= uap10.1)) (&& (== netcoreapp3.0) (>= xamarinios)) (&& (== netcoreapp3.0) (>= xamarinmac)) (&& (== netcoreapp3.0) (>= xamarintvos)) (&& (== netcoreapp3.0) (>= xamarinwatchos)) (== netstandard2.0)
      System.Buffers (>= 4.5.1) - restriction: || (&& (== netcoreapp3.0) (>= monoandroid) (< netstandard2.0)) (&& (== netcoreapp3.0) (>= monotouch)) (&& (== netcoreapp3.0) (>= net461)) (&& (== netcoreapp3.0) (< netcoreapp2.0)) (&& (== netcoreapp3.0) (>= xamarinios)) (&& (== netcoreapp3.0) (>= xamarinmac)) (&& (== netcoreapp3.0) (>= xamarintvos)) (&& (== netcoreapp3.0) (>= xamarinwatchos)) (== netstandard2.0)
      System.Memory (>= 4.5.4) - restriction: || (&& (== netcoreapp3.0) (>= net461)) (&& (== netcoreapp3.0) (< netcoreapp2.0)) (&& (== netcoreapp3.0) (< netcoreapp2.1)) (&& (== netcoreapp3.0) (>= uap10.1)) (== netstandard2.0)
      System.Numerics.Vectors (>= 4.5) - restriction: || (&& (== netcoreapp3.0) (>= net461)) (&& (== netcoreapp3.0) (< netcoreapp2.0)) (== netstandard2.0)
      System.Runtime.CompilerServices.Unsafe (>= 5.0) - restriction: || (&& (== netcoreapp3.0) (>= monoandroid) (< netstandard2.0)) (&& (== netcoreapp3.0) (>= monotouch)) (&& (== netcoreapp3.0) (>= net461)) (&& (== netcoreapp3.0) (< netcoreapp2.0)) (&& (== netcoreapp3.0) (< netcoreapp2.1)) (&& (== netcoreapp3.0) (>= uap10.1)) (&& (== netcoreapp3.0) (>= xamarinios)) (&& (== netcoreapp3.0) (>= xamarinmac)) (&& (== netcoreapp3.0) (>= xamarintvos)) (&& (== netcoreapp3.0) (>= xamarinwatchos)) (== netstandard2.0)
      System.Text.Encodings.Web (>= 5.0) - restriction: || (&& (== netcoreapp3.0) (>= monoandroid) (< netstandard2.0)) (&& (== netcoreapp3.0) (>= monotouch)) (&& (== netcoreapp3.0) (>= net461)) (&& (== netcoreapp3.0) (< netcoreapp2.0)) (&& (== netcoreapp3.0) (< netcoreapp2.1)) (&& (== netcoreapp3.0) (>= uap10.1)) (&& (== netcoreapp3.0) (>= xamarinios)) (&& (== netcoreapp3.0) (>= xamarinmac)) (&& (== netcoreapp3.0) (>= xamarintvos)) (&& (== netcoreapp3.0) (>= xamarinwatchos)) (== netstandard2.0)
      System.Threading.Tasks.Extensions (>= 4.5.4) - restriction: || (&& (== netcoreapp3.0) (>= net461)) (&& (== netcoreapp3.0) (< netcoreapp2.0)) (&& (== netcoreapp3.0) (< netcoreapp2.1)) (&& (== netcoreapp3.0) (>= uap10.1)) (== netstandard2.0)
    System.Text.RegularExpressions (4.3.1) - restriction: || (== netcoreapp3.0) (&& (== netstandard2.0) (>= netcoreapp2.1))
      System.Runtime (>= 4.3.1)
    System.Threading (4.3)
      System.Runtime (>= 4.3)
      System.Threading.Tasks (>= 4.3)
    System.Threading.Tasks (4.3) - restriction: || (== netcoreapp3.0) (&& (== netstandard2.0) (>= netcoreapp2.1))
      Microsoft.NETCore.Platforms (>= 1.1)
      Microsoft.NETCore.Targets (>= 1.1)
      System.Runtime (>= 4.3)
    System.Threading.Tasks.Extensions (4.5.4)
      System.Runtime.CompilerServices.Unsafe (>= 4.5.3) - restriction: || (&& (== netcoreapp3.0) (>= net461)) (&& (== netcoreapp3.0) (< netcoreapp2.1)) (&& (== netcoreapp3.0) (< netstandard1.0)) (&& (== netcoreapp3.0) (< netstandard2.0)) (&& (== netcoreapp3.0) (>= wp8)) (== netstandard2.0)
    System.Threading.Thread (4.3) - restriction: || (== netcoreapp3.0) (&& (== netstandard2.0) (>= netcoreapp2.1))
      System.Runtime (>= 4.3)
    System.Threading.ThreadPool (4.3) - restriction: || (== netcoreapp3.0) (&& (== netstandard2.0) (>= netcoreapp2.1))
      System.Runtime (>= 4.3)
      System.Runtime.Handles (>= 4.3)
    System.Xml.ReaderWriter (4.3.1) - restriction: || (== netcoreapp3.0) (&& (== netstandard2.0) (>= netcoreapp2.1))
      System.Collections (>= 4.3)
      System.Diagnostics.Debug (>= 4.3)
      System.Globalization (>= 4.3)
      System.IO (>= 4.3)
      System.IO.FileSystem (>= 4.3)
      System.IO.FileSystem.Primitives (>= 4.3)
      System.Resources.ResourceManager (>= 4.3)
      System.Runtime (>= 4.3)
      System.Runtime.Extensions (>= 4.3)
      System.Runtime.InteropServices (>= 4.3)
      System.Text.Encoding (>= 4.3)
      System.Text.Encoding.Extensions (>= 4.3)
      System.Text.RegularExpressions (>= 4.3)
      System.Threading.Tasks (>= 4.3)
      System.Threading.Tasks.Extensions (>= 4.3)
    System.Xml.XmlDocument (4.3)
      System.Collections (>= 4.3)
      System.Diagnostics.Debug (>= 4.3)
      System.Globalization (>= 4.3)
      System.IO (>= 4.3)
      System.Resources.ResourceManager (>= 4.3)
      System.Runtime (>= 4.3)
      System.Runtime.Extensions (>= 4.3)
      System.Text.Encoding (>= 4.3)
      System.Threading (>= 4.3)
      System.Xml.ReaderWriter (>= 4.3)
    System.Xml.XPath (4.3) - restriction: || (== netcoreapp3.0) (&& (== netstandard2.0) (>= netcoreapp2.1))
      System.Collections (>= 4.3)
      System.Diagnostics.Debug (>= 4.3)
      System.Globalization (>= 4.3)
      System.IO (>= 4.3)
      System.Resources.ResourceManager (>= 4.3)
      System.Runtime (>= 4.3)
      System.Runtime.Extensions (>= 4.3)
      System.Threading (>= 4.3)
      System.Xml.ReaderWriter (>= 4.3)
    System.Xml.XPath.XmlDocument (4.3) - restriction: || (== netcoreapp3.0) (&& (== netstandard2.0) (>= netcoreapp2.1))
      System.Collections (>= 4.3)
      System.Globalization (>= 4.3)
      System.IO (>= 4.3)
      System.Resources.ResourceManager (>= 4.3)
      System.Runtime (>= 4.3)
      System.Runtime.Extensions (>= 4.3)
      System.Threading (>= 4.3)
      System.Xml.ReaderWriter (>= 4.3)
      System.Xml.XmlDocument (>= 4.3)
      System.Xml.XPath (>= 4.3)
